PATH
  remote: .
  specs:
    fiware-orion-geo (0.0.3)
      httparty (~> 0)

GEM
  remote: https://rubygems.org/
  specs:
    httparty (0.13.5)
      json (~> 1.8)
      multi_xml (>= 0.5.2)
    json (1.8.3)
    multi_xml (0.5.5)
    rake (10.1.1)
    rspec (0.9.4)

PLATFORMS
  ruby

DEPENDENCIES
  fiware-orion-geo!
  rake
  rspec (~> 0)
